GEM
  remote: http://rubygems.org/
  specs:
    SystemTimer (1.2.3)
    bson (1.3.0)
    bson_ext (1.3.0)
    json (1.5.1)
    minitest (2.1.0)
    mongo (1.3.0)
      bson (>= 1.3.0)
    rack (1.2.2)
    require_relative (0.0.3)
    sinatra (1.2.5)
      rack (~> 1.1)
      tilt (>= 1.2.2, < 2.0)
    tilt (1.3)

PLATFORMS
  ruby

DEPENDENCIES
  SystemTimer (>= 1.2.0)
  bson_ext (>= 1.3.0)
  json
  minitest
  mongo
  require_relative
  sinatra (~> 1.1)
